GEM
  remote: http://torquebox.org/2x/builds/LATEST/gem-repo/
  remote: http://rubygems.org/
  specs:
    addressable (2.2.6)
    bcrypt-ruby (2.1.4-java)
    dm-core (1.1.0)
      addressable (~> 2.2.4)
    dm-serializer (1.1.0)
      dm-core (~> 1.1.0)
      fastercsv (~> 1.5.4)
      json (~> 1.4.6)
    dm-timestamps (1.1.0)
      dm-core (~> 1.1.0)
    dm-types (1.1.0)
      bcrypt-ruby (~> 2.1.4)
      dm-core (~> 1.1.0)
      fastercsv (~> 1.5.4)
      json (~> 1.4.6)
      stringex (~> 1.2.0)
      uuidtools (~> 2.1.2)
    fastercsv (1.5.4)
    haml (3.1.3)
    json (1.4.6-java)
    rack (1.3.2)
    rake (0.9.2)
    sass (3.1.7)
    sinatra (1.2.6)
      rack (~> 1.1)
      tilt (>= 1.2.2, < 2.0)
    stringex (1.2.2)
    tilt (1.3.3)
    torquebox-cache (2.x.incremental.430-java)
      torquebox-core (= 2.x.incremental.430)
    torquebox-core (2.x.incremental.430-java)
    uuidtools (2.1.2)

PLATFORMS
  java

DEPENDENCIES
  bundler
  dm-core (~> 1.1)
  dm-serializer (~> 1.1)
  dm-timestamps (~> 1.1)
  dm-types (~> 1.1)
  haml (~> 3.0)
  rake
  sass (~> 3.1)
  sinatra (~> 1.2.6)
  torquebox-cache (~> 2.x.incremental)
